GIT
  remote: git://github.com/stefl/jekyll.git
  revision: 8ba90245024290776bf380d5876509cc4e6c2930
  specs:
    jekyll (0.11.2)
      albino (~> 1.3)
      classifier (~> 1.3)
      directory_watcher (~> 1.1)
      kramdown (~> 0.13)
      liquid (~> 2.3)
      maruku (~> 0.5)

GIT
  remote: git://github.com/stefl/padrino-sprockets.git
  revision: e6b69ee378e48c3f2e397536b84f2bb2352c3a47
  branch: patch-1
  specs:
    padrino-sprockets (0.0.1)
      sprockets

GEM
  remote: http://rubygems.org/
  specs:
    activemodel (3.1.5)
      activesupport (= 3.1.5)
      builder (~> 3.0.0)
      i18n (~> 0.6)
    activerecord (3.1.5)
      activemodel (= 3.1.5)
      activesupport (= 3.1.5)
      arel (~> 2.2.3)
      tzinfo (~> 0.3.29)
    activesupport (3.1.5)
      multi_json (>= 1.0, < 1.3)
    albino (1.3.3)
      posix-spawn (>= 0.3.6)
    arel (2.2.3)
    bson (1.6.4)
    builder (3.0.0)
    chunky_png (1.2.5)
    classifier (1.3.3)
      fast-stemmer (>= 1.0.0)
    compass (0.12.2.rc.0)
      chunky_png (~> 1.2)
      fssm (>= 0.2.7)
      sass (~> 3.1)
    dalli (2.0.5)
    diff-lcs (1.1.3)
    directory_watcher (1.4.1)
    execjs (1.4.0)
      multi_json (~> 1.0)
    faraday (0.8.1)
      multipart-post (~> 1.1)
    fast-stemmer (1.0.1)
    fssm (0.2.9)
    grit (2.4.1)
      diff-lcs (~> 1.1)
      mime-types (~> 1.15)
    haml (3.1.6)
    hashie (1.2.0)
    hike (1.2.1)
    http_router (0.10.2)
      rack (>= 1.0.0)
      url_mount (~> 0.2.1)
    i18n (0.6.0)
    kgio (2.7.4)
    kramdown (0.13.7)
    libv8 (3.3.10.4)
    liquid (2.3.0)
    mail (2.3.3)
      i18n (>= 0.4.0)
      mime-types (~> 1.16)
      treetop (~> 1.4.8)
    maruku (0.6.0)
      syntax (>= 1.0.0)
    mime-types (1.18)
    mongo (1.6.4)
      bson (~> 1.6.4)
    mongoid (2.4.10)
      activemodel (~> 3.1)
      mongo (~> 1.3)
      tzinfo (~> 0.3.22)
    multi_json (1.2.0)
    multipart-post (1.1.5)
    nokogiri (1.5.0)
    padrino (0.10.5)
      padrino-admin (= 0.10.5)
      padrino-cache (= 0.10.5)
      padrino-core (= 0.10.5)
      padrino-gen (= 0.10.5)
      padrino-helpers (= 0.10.5)
      padrino-mailer (= 0.10.5)
    padrino-admin (0.10.5)
      padrino-core (= 0.10.5)
      padrino-helpers (= 0.10.5)
    padrino-cache (0.10.5)
      padrino-core (= 0.10.5)
    padrino-core (0.10.5)
      activesupport (~> 3.1.0)
      http_router (~> 0.10.2)
      sinatra (~> 1.3.1)
      thor (~> 0.14.3)
      tilt (~> 1.3.0)
    padrino-gen (0.10.5)
      bundler (~> 1.0)
      grit (~> 2.4.1)
      padrino-core (= 0.10.5)
    padrino-helpers (0.10.5)
      i18n (~> 0.6)
      padrino-core (= 0.10.5)
    padrino-mailer (0.10.5)
      mail (~> 2.3.0)
      padrino-core (= 0.10.5)
    polyglot (0.3.3)
    posix-spawn (0.3.6)
    rack (1.4.1)
    rack-protection (1.2.0)
      rack
    raindrops (0.9.0)
    rake (0.9.2.2)
    rdiscount (1.6.8)
    sass (3.2.0.alpha.244)
    sass-on-heroku (0.9.0)
    simple_oauth (0.1.8)
    sinatra (1.3.2)
      rack (~> 1.3, >= 1.3.6)
      rack-protection (~> 1.2)
      tilt (~> 1.3, >= 1.3.3)
    sinatra-flash (0.3.0)
      sinatra (>= 1.0.0)
    sprockets (2.3.0)
      hike (~> 1.2)
      multi_json (~> 1.0)
      rack (~> 1.0)
      tilt (~> 1.1, != 1.3.0)
    sprockets-sass (0.8.0)
      sprockets (~> 2.0)
      tilt (~> 1.1)
    susy (1.0.rc.0)
      compass (>= 0.12.2.rc.0)
      sass (>= 3.2.0.alpha.237)
    syntax (1.0.0)
    therubyracer (0.10.1)
      libv8 (~> 3.3.10)
    thor (0.14.6)
    tilt (1.3.3)
    treetop (1.4.10)
      polyglot
      polyglot (>= 0.3.1)
    twitter (2.2.0)
      activesupport (>= 2.3.9, < 4)
      faraday (~> 0.7)
      multi_json (~> 1.0)
      simple_oauth (~> 0.1)
    tzinfo (0.3.33)
    unicorn (4.3.1)
      kgio (~> 2.6)
      rack
      raindrops (~> 0.7)
    url_mount (0.2.1)
      rack

PLATFORMS
  ruby

DEPENDENCIES
  activemodel
  activerecord
  activesupport
  compass (= 0.12.2.rc.0)
  dalli
  execjs
  haml
  hashie
  jekyll!
  mongoid
  nokogiri
  padrino (= 0.10.5)
  padrino-sprockets!
  rake
  rdiscount
  sass
  sass-on-heroku
  sinatra-flash
  sprockets (= 2.3.0)
  sprockets-sass
  susy (= 1.0.rc.0)
  therubyracer
  twitter
  unicorn
